REDIRECTS: ON
NUGET
  remote: https://nuget.org/api/v2
  specs:
    ExtCore (0.8.45)
    FAKE (3.28.2)
    FSharp.Compiler.Service (0.0.88)
    FSharp.Formatting (2.8.0)
      FSharp.Compiler.Service (>= 0.0.86)
      FSharpVSPowerTools.Core (>= 1.7.0)
    FSharpVSPowerTools.Core (1.7.0)
      FSharp.Compiler.Service (>= 0.0.81)
    Jil (2.9.0)
      Sigil (>= 4.4.0)
    Microsoft.AspNet.WebApi.Client (5.2.3)
      Microsoft.Net.Http (>= 2.2.22) - framework: portable-wp80+win+net45+wp81+wpa81
      Newtonsoft.Json (>= 6.0.4) - framework: portable-wp80+win+net45+wp81+wpa81, >= net45
    Microsoft.AspNet.WebApi.Core (5.2.3)
      Microsoft.AspNet.WebApi.Client (>= 5.2.3)
    Microsoft.Bcl (1.1.10)
      Microsoft.Bcl.Build (>= 1.0.14)
    Microsoft.Bcl.Build (1.0.21)
    Microsoft.Net.Http (2.2.29)
      Microsoft.Bcl (>= 1.1.10)
      Microsoft.Bcl.Build (>= 1.0.14)
    Newtonsoft.Json (6.0.8) - framework: portable-wp80+win+net45+wp81+wpa81, >= net45
    NUnit (2.6.4)
    NUnit.Runners (2.6.4)
    Octokit (0.9.0)
      Microsoft.Net.Http
    Sigil (4.4.0)
    SourceLink.Fake (0.5.0)
GITHUB
  remote: fsharp/FAKE
  specs:
    modules/Octokit/Octokit.fsx (126368f5499c21a8c68f284a2ac008ba6fa437a6)
      Octokit